PATH
  remote: .
  specs:
    check_socketlabs (0.0.1)
      socketlab
      trollop

GEM
  remote: http://rubygems.org/
  specs:
    httparty (~> 0.10.0)
      multi_json (~> 1.0)
      multi_xml (~> 0.5.2)
    multi_json (1.3.6)
    multi_xml (~> 0.5.2)
    socketlab (0.0.2)
      httparty (~> 0.10.0)
    trollop (2.0)

PLATFORMS
  ruby

DEPENDENCIES
  check_socketlabs!
